GEM
  remote: http://rubygems.org/
  specs:
    mini_exiftool (2.8.0)
    paint (2.0.0)
    rubyzip (1.2.0)
    thor (0.19.4)

PLATFORMS
  ruby

DEPENDENCIES
  mini_exiftool
  paint
  rubyzip
  thor

BUNDLED WITH
   1.14.1
